GEM
  remote: https://rubygems.org/
  specs:
    byebug (11.0.1)
    coderay (1.1.0)
    dalli (2.7.2)
    dotenv (2.7.2)
    method_source (0.8.2)
    pry (0.10.1)
      coderay (~> 1.1.0)
      method_source (~> 0.8.1)
      slop (~> 3.4)
    pry-byebug (3.7.0)
      byebug (~> 11.0)
      pry (~> 0.10)
    pry-nav (0.2.4)
      pry (>= 0.9.10, < 0.11.0)
    pry-remote (0.1.8)
      pry (~> 0.9)
      slop (~> 3.0)
    puma (3.12.1)
    rack (1.5.2)
    rack-protection (1.5.3)
      rack
    sinatra (1.4.5)
      rack (~> 1.4)
      rack-protection (~> 1.4)
      tilt (~> 1.3, >= 1.3.4)
    slop (3.6.0)
    term-ansicolor (1.7.1)
      tins (~> 1.0)
    tilt (1.4.1)
    tins (1.20.2)

PLATFORMS
  ruby

DEPENDENCIES
  dalli
  dotenv
  pry
  pry-byebug
  pry-nav
  pry-remote
  puma
  sinatra
  term-ansicolor

RUBY VERSION
   ruby 2.6.3p62

BUNDLED WITH
   2.0.1
